GIT
  remote: https://github.com/adambird/shortinator.git
  revision: 6f20d11730c8b561687c971b5c5fffee2f40d6b6
  specs:
    shortinator (0.0.1)
      base62 (= 1.0.0)
      bson_ext (~> 1.8)
      mongo (~> 1.8)

GEM
  remote: http://rubygems.org/
  specs:
    base62 (1.0.0)
    bson (1.9.2)
    bson_ext (1.9.2)
      bson (~> 1.9.2)
    dotenv (0.9.0)
    hatchet (0.2.7)
    kgio (2.9.1)
    mongo (1.9.2)
      bson (~> 1.9.2)
    rack (1.5.2)
    rack-protection (1.5.2)
      rack
    raindrops (0.12.0)
    rake (10.1.1)
    sinatra (1.4.4)
      rack (~> 1.4)
      rack-protection (~> 1.4)
      tilt (~> 1.3, >= 1.3.4)
    tilt (1.4.1)
    unicorn (4.8.2)
      kgio (~> 2.6)
      rack
      raindrops (~> 0.7)

PLATFORMS
  ruby

DEPENDENCIES
  dotenv
  hatchet
  rake
  shortinator!
  sinatra
  unicorn
