GIT
  remote: https://github.com/onediary/shortinator.git
  revision: 55aa9cc2c3db6961a7fff74827679b07db91f716
  specs:
    shortinator (0.0.1)
      base62 (= 1.0.0)
      bson_ext (~> 1.8)
      mongo (~> 1.8)

GEM
  remote: http://rubygems.org/
  specs:
    base62 (1.0.0)
    bson (1.9.2)
    bson_ext (1.9.2)
      bson (~> 1.9.2)
    dotenv (0.9.0)
    hatchet (0.2.7)
    hatchet-hipchat (0.2.0)
      hatchet (~> 0.2)
      hipchat-api (~> 1.0.4)
    hipchat-api (1.0.5)
      httparty
    httparty (0.12.0)
      json (~> 1.8)
      multi_xml (>= 0.5.2)
    json (1.8.1)
    kgio (2.9.1)
    mongo (1.9.2)
      bson (~> 1.9.2)
    multi_xml (0.5.5)
    rack (1.5.2)
    rack-protection (1.5.2)
      rack
    raindrops (0.12.0)
    rake (10.1.1)
    sinatra (1.4.4)
      rack (~> 1.4)
      rack-protection (~> 1.4)
      tilt (~> 1.3, >= 1.3.4)
    tilt (1.4.1)
    unicorn (4.8.2)
      kgio (~> 2.6)
      rack
      raindrops (~> 0.7)

PLATFORMS
  ruby

DEPENDENCIES
  dotenv
  hatchet
  hatchet-hipchat
  rake
  shortinator!
  sinatra
  unicorn
