GIT
  remote: https://github.com/cronofy/shortinator.git
  revision: d35d6c0be525f1cb8451d5a1f5412f0d8c2db4a4
  branch: master
  specs:
    shortinator (0.1.0)
      base62 (= 1.0.0)
      bson (~> 4.0)
      mongo (~> 2.0)

GEM
  remote: https://rubygems.org/
  specs:
    base62 (1.0.0)
    bson (4.3.0)
    dotenv (2.0.1)
    hatchet (0.2.10)
    hatchet-hipchat (0.3.1)
      hatchet (~> 0.2.8)
      hipchat-api (~> 1.0.4)
    hipchat-api (1.0.6)
      httparty
    httparty (0.21.0)
      mini_mime (>= 1.0.0)
      multi_xml (>= 0.5.2)
    kgio (2.9.3)
    mini_mime (1.1.2)
    mongo (2.5.1)
      bson (>= 4.3.0, < 5.0.0)
    multi_xml (0.6.0)
    rack (1.6.9)
    rack-protection (1.5.5)
      rack
    raindrops (0.13.0)
    rake (10.4.2)
    sinatra (1.4.6)
      rack (~> 1.4)
      rack-protection (~> 1.4)
      tilt (>= 1.3, < 3)
    tilt (2.0.1)
    unicorn (4.8.3)
      kgio (~> 2.6)
      rack
      raindrops (~> 0.7)

PLATFORMS
  ruby

DEPENDENCIES
  dotenv
  hatchet
  hatchet-hipchat
  rake
  shortinator!
  sinatra
  unicorn

BUNDLED WITH
   1.16.1
