GIT
  remote: https://github.com/cronofy/shortinator.git
  revision: 268e92d941993bfae0099a9eb4d47cd90e272f0f
  specs:
    shortinator (0.0.1)
      base62 (= 1.0.0)
      bson_ext (~> 1.8)
      mongo (~> 1.8)

GEM
  remote: https://rubygems.org/
  specs:
    base62 (1.0.0)
    bson (1.12.1)
    bson_ext (1.12.1)
      bson (~> 1.12.1)
    dotenv (2.0.1)
    hatchet (0.2.10)
    hatchet-hipchat (0.3.1)
      hatchet (~> 0.2.8)
      hipchat-api (~> 1.0.4)
    hipchat-api (1.0.6)
      httparty
    httparty (0.13.3)
      json (~> 1.8)
      multi_xml (>= 0.5.2)
    json (1.8.2)
    kgio (2.9.3)
    mongo (1.12.1)
      bson (= 1.12.1)
    multi_xml (0.5.5)
    rack (1.6.0)
    rack-protection (1.5.3)
      rack
    raindrops (0.13.0)
    rake (10.4.2)
    sinatra (1.4.6)
      rack (~> 1.4)
      rack-protection (~> 1.4)
      tilt (>= 1.3, < 3)
    tilt (2.0.1)
    unicorn (4.8.3)
      kgio (~> 2.6)
      rack
      raindrops (~> 0.7)

PLATFORMS
  ruby

DEPENDENCIES
  dotenv
  hatchet
  hatchet-hipchat
  rake
  shortinator!
  sinatra
  unicorn
